GEM
  remote: https://rubygems.org/
  specs:
    foreman (0.87.2)

PLATFORMS
  ruby

DEPENDENCIES
  foreman

BUNDLED WITH
   1.17.2
